GEM
  remote: https://rubygems.org/
  specs:

PLATFORMS
  x86_64-darwin-22

DEPENDENCIES

RUBY VERSION
   ruby 2.6.10p210

BUNDLED WITH
   2.4.21
